GEM
  remote: http://rubygems.org/
  specs:
    andand (1.3.3)
    childprocess (0.3.9)
      ffi (~> 1.0, >= 1.0.11)
    coderay (1.0.9)
    diff-lcs (1.1.3)
    facets (2.9.3)
    fattr (2.2.1)
    ffi (1.4.0)
    git (1.2.5)
    guard (1.6.2)
      listen (>= 0.6.0)
      lumberjack (>= 1.0.2)
      pry (>= 0.9.10)
      terminal-table (>= 1.4.3)
      thor (>= 0.14.6)
    guard-rspec (1.2.1)
      guard (>= 1.1)
    guard-spork (1.4.2)
      childprocess (>= 0.2.3)
      guard (>= 1.1)
      spork (>= 0.8.4)
    jeweler (1.8.4)
      bundler (~> 1.0)
      git (>= 1.2.5)
      rake
      rdoc
    json (1.7.7)
    listen (0.7.3)
    lre (0.3.0)
      fattr
      mharris_ext
      watchr
    lumberjack (1.0.2)
    method_source (0.8.1)
    mharris_ext (1.6.0)
      facets
      fattr
    pry (0.9.12)
      coderay (~> 1.0.5)
      method_source (~> 0.8)
      slop (~> 3.4)
    rake (10.0.4)
    rdoc (4.0.1)
      json (~> 1.4)
    redis (3.0.2)
    rr (1.0.5)
    rspec (2.8.0)
      rspec-core (~> 2.8.0)
      rspec-expectations (~> 2.8.0)
      rspec-mocks (~> 2.8.0)
    rspec-core (2.8.0)
    rspec-expectations (2.8.0)
      diff-lcs (~> 1.1.2)
    rspec-mocks (2.8.0)
    slop (3.4.3)
    spork (0.9.2)
    terminal-table (1.4.5)
    thor (0.17.0)
    watchr (0.7)

PLATFORMS
  ruby
  x86-mingw32

DEPENDENCIES
  andand
  bundler (>= 1.2)
  guard
  guard-rspec
  guard-spork
  jeweler (>= 1.5.2)
  lre
  mharris_ext
  redis
  rr
  rspec (~> 2.8.0)
